GEM
  remote: https://rubygems.org/
  specs:
    byebug (2.7.0)
      columnize (~> 0.3)
      debugger-linecache (~> 1.2)
    coderay (1.1.0)
    columnize (0.3.6)
    debugger-linecache (1.2.0)
    highline (1.6.21)
    method_source (0.8.2)
    pry (0.9.12.6)
      coderay (~> 1.0)
      method_source (~> 0.8)
      slop (~> 3.4)
    pry-byebug (1.3.2)
      byebug (~> 2.7)
      pry (~> 0.9.12)
    sequel (4.10.0)
    slop (3.4.7)
    sqlite3 (1.3.9)

PLATFORMS
  ruby

DEPENDENCIES
  highline
  pry
  pry-byebug
  sequel
  sqlite3
