GEM
  remote: https://rubygems.org/
  specs:
    highline (1.6.21)
    sequel (4.10.0)
    sqlite3 (1.3.9)

PLATFORMS
  ruby

DEPENDENCIES
  highline
  sequel
  sqlite3
